GEM
  remote: http://rubygems.org/
  specs:
    actionmailer (2.3.10)
      actionpack (= 2.3.10)
    actionpack (2.3.10)
      activesupport (= 2.3.10)
      rack (~> 1.1.0)
    activerecord (2.3.10)
      activesupport (= 2.3.10)
    activeresource (2.3.10)
      activesupport (= 2.3.10)
    activesupport (2.3.10)
    archive-tar-minitar (0.5.2)
    columnize (0.3.2)
    db_populate (0.2.6)
    factory_data_preloader (0.5.2)
    faker (0.9.4)
      i18n (~> 0.4)
    fastercsv (1.5.4)
    i18n (0.5.0)
    linecache (0.43)
    linecache19 (0.5.12)
      ruby_core_source (>= 0.1.4)
    machinist (1.0.6)
    mocha (0.9.10)
      rake
    mysql (2.8.1)
    pg (0.10.1)
    rack (1.1.0)
    rails (2.3.10)
      actionmailer (= 2.3.10)
      actionpack (= 2.3.10)
      activerecord (= 2.3.10)
      activeresource (= 2.3.10)
      activesupport (= 2.3.10)
      rake (>= 0.8.3)
    rake (0.8.7)
    routing-filter (0.2.2)
      actionpack
    ruby-debug (0.10.4)
      columnize (>= 0.1)
      ruby-debug-base (~> 0.10.4.0)
    ruby-debug-base (0.10.4)
      linecache (>= 0.3)
    ruby-debug-base19 (0.11.25)
      columnize (>= 0.3.1)
      linecache19 (>= 0.5.11)
      ruby_core_source (>= 0.1.4)
    ruby-debug19 (0.11.6)
      columnize (>= 0.3.1)
      linecache19 (>= 0.5.11)
      ruby-debug-base19 (>= 0.11.19)
    ruby_core_source (0.1.5)
      archive-tar-minitar (>= 0.5.2)
    rubyzip (0.9.4)
    selenium-client (1.2.18)
    shoulda (2.11.3)
    sqlite3 (1.3.3)
    sqlite3-ruby (1.3.3)
      sqlite3 (>= 1.3.3)
    time-warp (1.0.7)
    will_paginate (2.3.15)
    ya2yaml (0.30)

PLATFORMS
  ruby

DEPENDENCIES
  db_populate
  factory_data_preloader
  faker
  fastercsv
  i18n
  machinist
  mocha
  mysql
  pg
  rails (= 2.3.10)
  routing-filter
  ruby-debug
  ruby-debug19
  rubyzip
  selenium-client (~> 1.2.15)
  shoulda
  sqlite3-ruby
  time-warp
  will_paginate
  ya2yaml
